GEM
  remote: https://rubygems.org/
  specs:
    cpf_utils (1.3.1)
    diff-lcs (1.5.0)
    lerolero_generator (1.0.1)
    nokogiri (1.13.9-x86_64-linux)
      racc (~> 1.4)
    racc (1.6.0)
    rspec (3.12.0)
      rspec-core (~> 3.12.0)
      rspec-expectations (~> 3.12.0)
      rspec-mocks (~> 3.12.0)
    rspec-core (3.12.0)
      rspec-support (~> 3.12.0)
    rspec-expectations (3.12.0)
      diff-lcs (>= 1.2.0, < 2.0)
      rspec-support (~> 3.12.0)
    rspec-mocks (3.12.0)
      diff-lcs (>= 1.2.0, < 2.0)
      rspec-support (~> 3.12.0)
    rspec-support (3.12.0)

PLATFORMS
  x86_64-linux

DEPENDENCIES
  cpf_utils
  lerolero_generator
  nokogiri
  rspec

BUNDLED WITH
   2.3.23
